PATH
  remote: .
  specs:
    gem-compare (1.0.0)
      diffy
      gemnasium-parser
      json
      rainbow

GEM
  remote: https://www.rubygems.org/
  specs:
    diffy (3.4.2)
    gemnasium-parser (0.1.9)
    json (2.6.1)
    minitest (4.7.5)
    psych (4.0.3)
      stringio
    rainbow (3.1.1)
    rake (13.0.6)
    rdoc (6.4.0)
      psych (>= 4.0.0)
    stringio (3.0.1)

PLATFORMS
  x86_64-linux

DEPENDENCIES
  gem-compare!
  minitest (~> 4.0)
  rake
  rdoc

BUNDLED WITH
   2.3.9
